GEM
  remote: https://rubygems.org/
  specs:
    parsby (1.1.1)

PLATFORMS
  x86_64-linux

DEPENDENCIES
  parsby (~> 1.1)

BUNDLED WITH
   2.4.6
